GEM
  remote: https://rubygems.org/
  specs:
    airbrussh (1.4.0)
      sshkit (>= 1.6.1, != 1.7.0)
    capistrano (3.17.0)
      airbrussh (>= 1.0.0)
      i18n
      rake (>= 10.0.0)
      sshkit (>= 1.9.0)
    capistrano-bundler (2.0.1)
      capistrano (~> 3.1)
    capistrano-chruby (0.1.2)
      capistrano (~> 3.0)
      sshkit (~> 1.3)
    concurrent-ruby (1.1.10)
    dotenv (2.7.6)
    i18n (1.10.0)
      concurrent-ruby (~> 1.0)
    mqtt (0.5.0)
    net-scp (3.0.0)
      net-ssh (>= 2.6.5, < 7.0.0)
    net-ssh (6.1.0)
    pg (1.3.5)
    rake (13.0.6)
    sequel (5.56.0)
    sshkit (1.21.2)
      net-scp (>= 1.1.2)
      net-ssh (>= 2.8.0)
    tiny_tds (2.1.5)

PLATFORMS
  ruby

DEPENDENCIES
  capistrano
  capistrano-bundler
  capistrano-chruby
  dotenv
  mqtt
  pg
  rake
  sequel
  tiny_tds

BUNDLED WITH
   1.16.1
