GEM
  remote: https://rubygems.org/
  specs:
    airbrussh (1.5.3)
      sshkit (>= 1.6.1, != 1.7.0)
    base64 (0.2.0)
    bcrypt_pbkdf (1.1.1)
    bigdecimal (3.1.8)
    capistrano (3.19.1)
      airbrussh (>= 1.0.0)
      i18n
      rake (>= 10.0.0)
      sshkit (>= 1.9.0)
    capistrano-bundler (2.1.1)
      capistrano (~> 3.1)
    capistrano-chruby (0.1.2)
      capistrano (~> 3.0)
      sshkit (~> 1.3)
    concurrent-ruby (1.3.4)
    dotenv (3.1.4)
    ed25519 (1.3.0)
    i18n (1.14.6)
      concurrent-ruby (~> 1.0)
    logger (1.6.1)
    mqtt (0.6.0)
    net-scp (4.0.0)
      net-ssh (>= 2.6.5, < 8.0.0)
    net-sftp (4.0.0)
      net-ssh (>= 5.0.0, < 8.0.0)
    net-ssh (7.3.0)
    ostruct (0.6.0)
    pg (1.5.9)
    rake (13.2.1)
    sequel (5.86.0)
      bigdecimal
    sshkit (1.23.2)
      base64
      net-scp (>= 1.1.2)
      net-sftp (>= 2.1.2)
      net-ssh (>= 2.8.0)
      ostruct
    tiny_tds (2.1.7)

PLATFORMS
  ruby
  x86_64-linux

DEPENDENCIES
  bcrypt_pbkdf (>= 1.0, < 2.0)
  capistrano
  capistrano-bundler
  capistrano-chruby
  dotenv
  ed25519 (>= 1.2, < 2.0)
  logger
  mqtt
  pg
  rake
  sequel
  tiny_tds

BUNDLED WITH
   2.5.16
